GEM
  remote: https://rubygems.org/
  specs:
    json (2.1.0)
    rack (1.6.0)
    rack-protection (1.5.3)
      rack
    sinatra (1.4.5)
      rack (~> 1.4)
      rack-protection (~> 1.4)
      tilt (~> 1.3, >= 1.3.4)
    tilt (1.4.1)

PLATFORMS
  ruby

DEPENDENCIES
  json
  sinatra

RUBY VERSION
   ruby 2.3.0p0

BUNDLED WITH
   1.13.1
